GEM
  remote: https://rubygems.org/
  specs:
    actionmailer (4.1.5)
      actionpack (= 4.1.5)
      actionview (= 4.1.5)
      mail (~> 2.5.4)
    actionpack (4.1.5)
      actionview (= 4.1.5)
      activesupport (= 4.1.5)
      rack (~> 1.5.2)
      rack-test (~> 0.6.2)
    actionview (4.1.5)
      activesupport (= 4.1.5)
      builder (~> 3.1)
      erubis (~> 2.7.0)
    activemodel (4.1.5)
      activesupport (= 4.1.5)
      builder (~> 3.1)
    activerecord (4.1.5)
      activemodel (= 4.1.5)
      activesupport (= 4.1.5)
      arel (~> 5.0.0)
    activesupport (4.1.5)
      i18n (~> 0.6, >= 0.6.9)
      json (~> 1.7, >= 1.7.7)
      minitest (~> 5.1)
      thread_safe (~> 0.1)
      tzinfo (~> 1.1)
    addressable (2.3.7)
    arel (5.0.1.20140414130214)
    autoparse (0.3.3)
      addressable (>= 2.3.1)
      extlib (>= 0.9.15)
      multi_json (>= 1.0.0)
    bcrypt (3.1.9)
    bcrypt (3.1.9-x86-mingw32)
    builder (3.2.2)
    carrierwave (0.10.0)
      activemodel (>= 3.2.0)
      activesupport (>= 3.2.0)
      json (>= 1.7)
      mime-types (>= 1.16)
    climate_control (0.0.3)
      activesupport (>= 3.0)
    cocaine (0.5.7)
      climate_control (>= 0.0.3, < 1.0)
    coffee-rails (4.0.1)
      coffee-script (>= 2.2.0)
      railties (>= 4.0.0, < 5.0)
    coffee-script (2.3.0)
      coffee-script-source
      execjs
    coffee-script-source (1.8.0)
    devise (3.4.1)
      bcrypt (~> 3.0)
      orm_adapter (~> 0.1)
      railties (>= 3.2.6, < 5)
      responders
      thread_safe (~> 0.1)
      warden (~> 1.2.3)
    dropbox-sdk (1.6.4)
      json
    erubis (2.7.0)
    execjs (2.2.2)
    extlib (0.9.16)
    faraday (0.9.1)
      multipart-post (>= 1.2, < 3)
    google-api-client (0.8.2)
      activesupport (>= 3.2)
      addressable (~> 2.3)
      autoparse (~> 0.3)
      extlib (~> 0.9)
      faraday (~> 0.9)
      launchy (~> 2.4)
      multi_json (~> 1.10)
      retriable (~> 1.4)
      signet (~> 0.6)
    google_drive (1.0.0)
      google-api-client (>= 0.7.0)
      nokogiri (>= 1.4.4, != 1.5.2, != 1.5.1)
      oauth (>= 0.3.6)
      oauth2 (>= 0.5.0)
    hike (1.2.3)
    hirb (0.7.2)
    i18n (0.7.0)
    jbuilder (2.2.6)
      activesupport (>= 3.0.0, < 5)
      multi_json (~> 1.2)
    jquery-rails (3.1.2)
      railties (>= 3.0, < 5.0)
      thor (>= 0.14, < 2.0)
    json (1.8.2)
    jwt (1.4.1)
    launchy (2.4.3)
      addressable (~> 2.3)
    mail (2.5.4)
      mime-types (~> 1.16)
      treetop (~> 1.4.8)
    mime-types (1.25.1)
    mini_magick (3.8.0)
      subexec (~> 0.2.1)
    mini_portile (0.6.2)
    minitest (5.5.1)
    mobileesp_converted (0.2.3)
    mobvious (0.3.2)
      mobileesp_converted (~> 0.2.0)
      rack (>= 1.1.0)
    mobvious-rails (0.1.2)
      activesupport
      mobvious
    multi_json (1.10.1)
    multi_xml (0.5.5)
    multipart-post (2.0.0)
    nokogiri (1.6.6.2)
      mini_portile (~> 0.6.0)
    nokogiri (1.6.6.2-x86-mingw32)
      mini_portile (~> 0.6.0)
    oauth (0.4.7)
    oauth2 (1.0.0)
      faraday (>= 0.8, < 0.10)
      jwt (~> 1.0)
      multi_json (~> 1.3)
      multi_xml (~> 0.5)
      rack (~> 1.2)
    orm_adapter (0.5.0)
    paperclip (4.2.1)
      activemodel (>= 3.0.0)
      activesupport (>= 3.0.0)
      cocaine (~> 0.5.3)
      mime-types
    paperclip-dropbox (1.3.1)
      dropbox-sdk (~> 1.3)
      paperclip (>= 3.1, < 5)
    pg (0.18.1)
    pg (0.18.1-x86-mingw32)
    polyglot (0.3.5)
    rack (1.5.2)
    rack-test (0.6.3)
      rack (>= 1.0)
    rails (4.1.5)
      actionmailer (= 4.1.5)
      actionpack (= 4.1.5)
      actionview (= 4.1.5)
      activemodel (= 4.1.5)
      activerecord (= 4.1.5)
      activesupport (= 4.1.5)
      bundler (>= 1.3.0, < 2.0)
      railties (= 4.1.5)
      sprockets-rails (~> 2.0)
    rails_12factor (0.0.3)
      rails_serve_static_assets
      rails_stdout_logging
    rails_serve_static_assets (0.0.3)
    rails_stdout_logging (0.0.3)
    railties (4.1.5)
      actionpack (= 4.1.5)
      activesupport (= 4.1.5)
      rake (>= 0.8.7)
      thor (>= 0.18.1, < 2.0)
    rake (10.4.2)
    rdoc (4.2.0)
      json (~> 1.4)
    responders (1.1.2)
      railties (>= 3.2, < 4.2)
    retriable (1.4.1)
    sass (3.2.19)
    sass-rails (4.0.5)
      railties (>= 4.0.0, < 5.0)
      sass (~> 3.2.2)
      sprockets (~> 2.8, < 3.0)
      sprockets-rails (~> 2.0)
    sdoc (0.4.1)
      json (~> 1.7, >= 1.7.7)
      rdoc (~> 4.0)
    signet (0.6.0)
      addressable (~> 2.3)
      extlib (~> 0.9)
      faraday (~> 0.9)
      jwt (~> 1.0)
      multi_json (~> 1.10)
    spring (1.2.0)
    sprockets (2.12.3)
      hike (~> 1.2)
      multi_json (~> 1.0)
      rack (~> 1.0)
      tilt (~> 1.1, != 1.3.0)
    sprockets-rails (2.2.2)
      actionpack (>= 3.0)
      activesupport (>= 3.0)
      sprockets (>= 2.8, < 4.0)
    subexec (0.2.3)
    thor (0.19.1)
    thread_safe (0.3.4)
    tilt (1.4.1)
    treetop (1.4.15)
      polyglot
      polyglot (>= 0.3.1)
    turbolinks (2.5.3)
      coffee-rails
    tzinfo (1.2.2)
      thread_safe (~> 0.1)
    tzinfo-data (1.2014.10)
      tzinfo (>= 1.0.0)
    uglifier (2.7.0)
      execjs (>= 0.3.0)
      json (>= 1.8.0)
    warden (1.2.3)
      rack (>= 1.0)

PLATFORMS
  ruby
  x86-mingw32

DEPENDENCIES
  carrierwave
  coffee-rails (~> 4.0.0)
  devise
  google_drive
  hirb
  jbuilder (~> 2.0)
  jquery-rails
  mini_magick (= 3.8.0)
  mobvious
  mobvious-rails
<<<<<<< HEAD
  oauth2
=======
  paperclip
  paperclip-dropbox
>>>>>>> 5876d17ce48b26abf1f971c06a969ac3de0365ac
  pg
  rails (= 4.1.5)
  rails_12factor
  sass-rails (~> 4.0.3)
  sdoc (~> 0.4.0)
  spring
  turbolinks
  tzinfo-data
  uglifier (>= 1.3.0)
